GEM
  remote: https://rubygems.org/
  specs:
    awesome_print (1.7.0)
    httparty (0.13.7)
      json (~> 1.8)
      multi_xml (>= 0.5.2)
    json (1.8.3)
    multi_xml (0.5.5)

PLATFORMS
  ruby

DEPENDENCIES
  awesome_print
  httparty

BUNDLED WITH
   1.12.5
